GEM
  remote: https://rubygems.org/
  specs:
    a9n (1.2.2)
    colorize (0.8.1)
    faraday (1.1.0)
      multipart-post (>= 1.2, < 3)
      ruby2_keywords
    multipart-post (2.1.1)
    nio4r (2.5.8)
    puma (5.6.4)
      nio4r (~> 2.0)
    rack (2.2.6.3)
    ruby2_keywords (0.0.2)
    thor (1.0.1)
    vidar (1.3.2)
      colorize
      faraday
      thor (~> 1.0)

PLATFORMS
  ruby

DEPENDENCIES
  a9n
  puma
  rack
  vidar

RUBY VERSION
   ruby 2.7.2p137

BUNDLED WITH
   2.1.4
